PATH
  remote: .
  specs:
    grpc-orin3-provider (0.1.0)
      grpc

GEM
  remote: https://rubygems.org/
  specs:
    ansi (1.5.0)
    bigdecimal (3.1.8)
    builder (3.3.0)
    google-protobuf (4.28.3)
      bigdecimal
      rake (>= 13)
    google-protobuf (4.28.3-aarch64-linux)
      bigdecimal
      rake (>= 13)
    google-protobuf (4.28.3-arm64-darwin)
      bigdecimal
      rake (>= 13)
    google-protobuf (4.28.3-x86-linux)
      bigdecimal
      rake (>= 13)
    google-protobuf (4.28.3-x86_64-darwin)
      bigdecimal
      rake (>= 13)
    google-protobuf (4.28.3-x86_64-linux)
      bigdecimal
      rake (>= 13)
    googleapis-common-protos-types (1.16.0)
      google-protobuf (>= 3.18, < 5.a)
    grpc (1.67.0)
      google-protobuf (>= 3.25, < 5.0)
      googleapis-common-protos-types (~> 1.0)
    grpc (1.67.0-aarch64-linux)
      google-protobuf (>= 3.25, < 5.0)
      googleapis-common-protos-types (~> 1.0)
    grpc (1.67.0-arm64-darwin)
      google-protobuf (>= 3.25, < 5.0)
      googleapis-common-protos-types (~> 1.0)
    grpc (1.67.0-x86-linux)
      google-protobuf (>= 3.25, < 5.0)
      googleapis-common-protos-types (~> 1.0)
    grpc (1.67.0-x86_64-darwin)
      google-protobuf (>= 3.25, < 5.0)
      googleapis-common-protos-types (~> 1.0)
    grpc (1.67.0-x86_64-linux)
      google-protobuf (>= 3.25, < 5.0)
      googleapis-common-protos-types (~> 1.0)
    minitest (5.25.1)
    minitest-reporters (1.7.1)
      ansi
      builder
      minitest (>= 5.0)
      ruby-progressbar
    rake (13.2.1)
    ruby-progressbar (1.13.0)

PLATFORMS
  aarch64-linux
  arm64-darwin
  ruby
  x86-linux
  x86_64-darwin
  x86_64-linux

DEPENDENCIES
  google-protobuf
  grpc
  grpc-orin3-provider!
  minitest
  minitest-reporters
  rake (~> 13.0)

BUNDLED WITH
   2.5.22
